GEM
  remote: https://rubygems.org/
  specs:
    benchmark-ips (2.1.0)
    celluloid (0.16.0)
      timers (~> 4.0.0)
    coderay (1.1.0)
    excon (0.44.0)
    ffi (1.9.6-java)
    hitimes (1.2.2)
    hitimes (1.2.2-java)
    json (1.8.2)
    json (1.8.2-java)
    method_source (0.8.2)
    mini_portile (0.6.1)
    multi_json (1.10.1)
    neography (1.6.0)
      excon (>= 0.33.0)
      json (>= 1.7.7)
      multi_json (>= 1.3.2)
      os (>= 0.9.6)
      rake (>= 0.8.7)
      rubyzip (>= 1.0.0)
    nokogiri (1.6.5)
      mini_portile (~> 0.6.0)
    nokogiri (1.6.5-java)
    os (0.9.6)
    pry (0.10.1)
      coderay (~> 1.1.0)
      method_source (~> 0.8.1)
      slop (~> 3.4)
    pry (0.10.1-java)
      coderay (~> 1.1.0)
      method_source (~> 0.8.1)
      slop (~> 3.4)
      spoon (~> 0.0)
    rake (10.4.2)
    rubyzip (1.1.6)
    slop (3.6.0)
    spoon (0.0.4)
      ffi
    timers (4.0.1)
      hitimes

PLATFORMS
  java
  ruby

DEPENDENCIES
  benchmark-ips
  celluloid
  neography
  nokogiri
  pry
